GEM
  remote: https://rubygems.org/
  specs:
    bson (4.3.0)
    colored (1.2)
    mongo (2.5.3)
      bson (>= 4.3.0, < 5.0.0)
    terminal-table (1.8.0)
      unicode-display_width (~> 1.1, >= 1.1.1)
    thor (0.20.0)
    unicode-display_width (1.3.2)

PLATFORMS
  ruby

DEPENDENCIES
  colored
  mongo
  terminal-table
  thor

BUNDLED WITH
   1.16.1
